PATH
  remote: /Users/nate/workspace/gosu_rpg
  specs:
    gosu_rpg (0.0.1)
      gosu
      pry
      pry-nav

PATH
  remote: /Users/nate/workspace/shell-sim
  specs:
    shell_sim (0.0.1)
      colorize
      highline

GEM
  remote: https://rubygems.org/
  specs:
    coderay (1.1.0)
    colorize (0.7.7)
    gosu (0.10.4)
    highline (1.7.8)
    method_source (0.8.2)
    pry (0.10.3)
      coderay (~> 1.1.0)
      method_source (~> 0.8.1)
      slop (~> 3.4)
    pry-nav (0.2.4)
      pry (>= 0.9.10, < 0.11.0)
    slop (3.6.0)

PLATFORMS
  ruby

DEPENDENCIES
  gosu_rpg!
  shell_sim!

BUNDLED WITH
   1.11.2
